PATH
  remote: .
  specs:
    sequel_sluggable (0.0.8)
      babosa (~> 1.0, >= 1.0.2)
      sequel (>= 4.0.0)

GEM
  remote: https://rubygems.org/
  specs:
    babosa (1.0.2)
    diff-lcs (1.3)
    rspec (3.6.0)
      rspec-core (~> 3.6.0)
      rspec-expectations (~> 3.6.0)
      rspec-mocks (~> 3.6.0)
    rspec-core (3.6.0)
      rspec-support (~> 3.6.0)
    rspec-expectations (3.6.0)
      diff-lcs (>= 1.2.0, < 2.0)
      rspec-support (~> 3.6.0)
    rspec-mocks (3.6.0)
      diff-lcs (>= 1.2.0, < 2.0)
      rspec-support (~> 3.6.0)
    rspec-support (3.6.0)
    sequel (4.49.0)
    sqlite3 (1.3.13)
    sqlite3-ruby (1.3.3)
      sqlite3 (>= 1.3.3)
    yard (0.9.9)

PLATFORMS
  ruby

DEPENDENCIES
  rspec
  sequel_sluggable!
  sqlite3-ruby
  yard

BUNDLED WITH
   1.15.4
